GEM
  remote: http://rubygems.org/
  specs:
    hirb (0.6.2)
    rake (0.9.2.2)
    what_methods (1.0.1)
    wirble (0.1.3)

PLATFORMS
  ruby

DEPENDENCIES
  hirb
  rake
  what_methods
  wirble
