GEM
  remote: http://rubygems.org/
  specs:
    hirb (0.6.2)
    rake (13.0.6)
    what_methods (1.0.1)
    wirble (0.1.3)

PLATFORMS
  ruby

DEPENDENCIES
  hirb
  rake
  what_methods
  wirble

BUNDLED WITH
   2.1.4
